GIT
  remote: https://github.com/HuggableSquare/mumble-ruby.git
  revision: 0edb7b306599d6786ef8bdc0f0754664931db88a
  ref: 0edb7b3
  branch: stereo
  specs:
    mumble-ruby (1.1.3)
      activesupport
      hashie
      opus-ruby
      ruby_protobuf
      wavefile

GEM
  remote: https://rubygems.org/
  specs:
    activesupport (7.0.4.3)
      concurrent-ruby (~> 1.0, >= 1.0.2)
      i18n (>= 1.6, < 2)
      minitest (>= 5.1)
      tzinfo (~> 2.0)
    climate_control (0.2.0)
    concurrent-ruby (1.2.2)
    ffi (1.15.5)
    hashie (5.0.0)
    i18n (1.12.0)
      concurrent-ruby (~> 1.0)
    minitest (5.18.0)
    opus-ruby (1.0.1)
      ffi
    ruby-mpd (0.3.3)
    ruby_protobuf (0.4.11)
    terrapin (0.6.0)
      climate_control (>= 0.0.3, < 1.0)
    thread (0.2.2)
    tzinfo (2.0.6)
      concurrent-ruby (~> 1.0)
    wavefile (1.1.2)
    yt_dlp (0.1.1)
      terrapin (~> 0)

PLATFORMS
  ruby

DEPENDENCIES
  mumble-ruby!
  ruby-mpd
  thread
  yt_dlp

BUNDLED WITH
   1.17.3
