GEM
  remote: https://rubygems.org/
  specs:
    activesupport (6.1.3.1)
      concurrent-ruby (~> 1.0, >= 1.0.2)
      i18n (>= 1.6, < 2)
      minitest (>= 5.1)
      tzinfo (~> 2.0)
      zeitwerk (~> 2.3)
    climate_control (0.2.0)
    cocaine (0.5.8)
      climate_control (>= 0.0.3, < 1.0)
    concurrent-ruby (1.1.8)
    ffi (1.9.18)
    hashie (3.5.5)
    i18n (1.8.10)
      concurrent-ruby (~> 1.0)
    minitest (5.14.4)
    mumble-ruby (1.1.3)
      activesupport
      hashie
      opus-ruby
      ruby_protobuf
      wavefile
    opus-ruby (1.0.1)
      ffi
    ruby-mpd (0.3.3)
    ruby_protobuf (0.4.11)
    thread (0.2.2)
    tzinfo (2.0.4)
      concurrent-ruby (~> 1.0)
    wavefile (0.8.1)
    youtube-dl.rb (0.3.1.2016.09.11.1)
      cocaine (>= 0.5.4)
    zeitwerk (2.4.2)

PLATFORMS
  ruby

DEPENDENCIES
  mumble-ruby
  ruby-mpd
  thread
  youtube-dl.rb

BUNDLED WITH
   1.14.6
