GEM
  remote: https://rubygems.org/
  specs:
    activesupport (5.1.1)
      concurrent-ruby (~> 1.0, >= 1.0.2)
      i18n (~> 0.7)
      minitest (~> 5.1)
      tzinfo (~> 1.1)
    climate_control (0.2.0)
    cocaine (0.5.8)
      climate_control (>= 0.0.3, < 1.0)
    concurrent-ruby (1.0.5)
    ffi (1.9.18)
    hashie (3.5.5)
    i18n (0.8.1)
    minitest (5.10.2)
    mumble-ruby (1.1.3)
      activesupport
      hashie
      opus-ruby
      ruby_protobuf
      wavefile
    opus-ruby (1.0.1)
      ffi
    ruby-mpd (0.3.3)
    ruby_protobuf (0.4.11)
    thread (0.2.2)
    thread_safe (0.3.6)
    tzinfo (1.2.3)
      thread_safe (~> 0.1)
    wavefile (0.8.1)
    youtube-dl.rb (0.3.1.2016.09.11.1)
      cocaine (>= 0.5.4)

PLATFORMS
  ruby

DEPENDENCIES
  mumble-ruby
  ruby-mpd
  thread
  youtube-dl.rb

BUNDLED WITH
   1.14.6
