GIT
  remote: https://github.com/HuggableSquare/mumble-ruby.git
  revision: 0edb7b306599d6786ef8bdc0f0754664931db88a
  ref: 0edb7b3
  branch: stereo
  specs:
    mumble-ruby (1.1.3)
      activesupport
      hashie
      opus-ruby
      ruby_protobuf
      wavefile

GEM
  remote: https://rubygems.org/
  specs:
    activesupport (6.1.7)
      concurrent-ruby (~> 1.0, >= 1.0.2)
      i18n (>= 1.6, < 2)
      minitest (>= 5.1)
      tzinfo (~> 2.0)
      zeitwerk (~> 2.3)
    climate_control (0.2.0)
    cocaine (0.5.8)
      climate_control (>= 0.0.3, < 1.0)
    concurrent-ruby (1.1.10)
    ffi (1.15.5)
    hashie (5.0.0)
    i18n (1.12.0)
      concurrent-ruby (~> 1.0)
    minitest (5.15.0)
    opus-ruby (1.0.1)
      ffi
    ruby-mpd (0.3.3)
    ruby_protobuf (0.4.11)
    thread (0.2.2)
    tzinfo (2.0.5)
      concurrent-ruby (~> 1.0)
    wavefile (1.1.2)
    youtube-dl.rb (0.3.1.2016.09.11.1)
      cocaine (>= 0.5.4)
    zeitwerk (2.6.6)

PLATFORMS
  ruby

DEPENDENCIES
  mumble-ruby!
  ruby-mpd
  thread
  youtube-dl.rb

BUNDLED WITH
   1.17.3
